GEM
  remote: https://rubygems.org/
  specs:
    activesupport (6.1.4.1)
      concurrent-ruby (~> 1.0, >= 1.0.2)
      i18n (>= 1.6, < 2)
      minitest (>= 5.1)
      tzinfo (~> 2.0)
      zeitwerk (~> 2.3)
    colored (1.2)
    concurrent-ruby (1.1.9)
    fiedl-log (0.3.0)
      colored
    i18n (1.8.10)
      concurrent-ruby (~> 1.0)
    minitest (5.14.4)
    tzinfo (2.0.4)
      concurrent-ruby (~> 1.0)
    zeitwerk (2.5.0)

PLATFORMS
  x86_64-linux

DEPENDENCIES
  activesupport
  colored
  fiedl-log

BUNDLED WITH
   2.2.29
